GEM
  remote: https://rubygems.org/
  specs:
    json (1.7.7)
    pg (0.14.0)
    rack (1.5.2)
    rack-protection (1.5.0)
      rack
    sequel (3.46.0)
    sinatra (1.4.2)
      rack (~> 1.5, >= 1.5.2)
      rack-protection (~> 1.4)
      tilt (~> 1.3, >= 1.3.4)
    tilt (1.3.6)

PLATFORMS
  ruby

DEPENDENCIES
  json
  pg
  sequel
  sinatra
