GEM
  remote: https://rubygems.org/
  specs:
    activemodel (3.2.13)
      activesupport (= 3.2.13)
      builder (~> 3.0.0)
    activerecord (3.2.13)
      activemodel (= 3.2.13)
      activesupport (= 3.2.13)
      arel (~> 3.0.2)
      tzinfo (~> 0.3.29)
    activesupport (3.2.13)
      i18n (= 0.6.1)
      multi_json (~> 1.0)
    arel (3.0.2)
    builder (3.0.4)
    haml (4.0.2)
      tilt
    i18n (0.6.1)
    json (1.7.7)
    kgio (2.8.0)
    multi_json (1.7.2)
    pg (0.15.1)
    rack (1.5.2)
    rack-protection (1.5.0)
      rack
    raindrops (0.10.0)
    rake (10.0.4)
    sequel (3.46.0)
    sinatra (1.4.2)
      rack (~> 1.5, >= 1.5.2)
      rack-protection (~> 1.4)
      tilt (~> 1.3, >= 1.3.4)
    sinatra-activerecord (1.2.2)
      activerecord (~> 3.0)
      sinatra (~> 1.0)
    tilt (1.3.6)
    tzinfo (0.3.37)
    unicorn (4.6.2)
      kgio (~> 2.6)
      rack
      raindrops (~> 0.7)

PLATFORMS
  ruby

DEPENDENCIES
  activerecord
  haml
  json
  pg
  rake
  sequel
  sinatra
  sinatra-activerecord
  unicorn
